PATH
  remote: .
  specs:
    method_installable (0.1.0)

GEM
  remote: https://rubygems.org/
  specs:
    docile (1.3.2)
    json (2.3.1)
    minitest (5.13.0)
    rake (10.5.0)
    simplecov (0.17.1)
      docile (~> 1.1)
      json (>= 1.8, < 3)
      simplecov-html (~> 0.10.0)
    simplecov-html (0.10.2)

PLATFORMS
  ruby

DEPENDENCIES
  bundler (~> 2.0)
  method_installable!
  minitest (~> 5.0)
  rake (~> 10.0)
  simplecov

BUNDLED WITH
   2.0.2
